STORAGE: NONE
RESTRICTION: == netstandard2.0
NUGET
  remote: https://api.nuget.org/v3/index.json
    FSharp.Core (4.7)
    Microsoft.Bcl.AsyncInterfaces (8.0)
      System.Threading.Tasks.Extensions (>= 4.5.4)
    Microsoft.Build.Tasks.Git (8.0) - copy_local: true
    Microsoft.SourceLink.Common (8.0) - copy_local: true
    Microsoft.SourceLink.GitHub (8.0) - copy_local: true
      Microsoft.Build.Tasks.Git (>= 8.0)
      Microsoft.SourceLink.Common (>= 8.0)
    Nerdbank.GitVersioning (3.6.133) - copy_local: true
    System.Buffers (4.5.1)
    System.Memory (4.5.5)
      System.Buffers (>= 4.5.1)
      System.Numerics.Vectors (>= 4.4)
      System.Runtime.CompilerServices.Unsafe (>= 4.5.3)
    System.Numerics.Vectors (4.5)
    System.Runtime.CompilerServices.Unsafe (6.0)
    System.Text.Encodings.Web (8.0)
      System.Buffers (>= 4.5.1)
      System.Memory (>= 4.5.5)
      System.Runtime.CompilerServices.Unsafe (>= 6.0)
    System.Text.Json (6.0)
      Microsoft.Bcl.AsyncInterfaces (>= 6.0)
      System.Buffers (>= 4.5.1)
      System.Memory (>= 4.5.4)
      System.Numerics.Vectors (>= 4.5)
      System.Runtime.CompilerServices.Unsafe (>= 6.0)
      System.Text.Encodings.Web (>= 6.0)
      System.Threading.Tasks.Extensions (>= 4.5.4)
    System.Threading.Tasks.Extensions (4.5.4)
      System.Runtime.CompilerServices.Unsafe (>= 4.5.3)

GROUP fake
STORAGE: NONE
RESTRICTION: == net8.0
NUGET
  remote: https://api.nuget.org/v3/index.json
    BlackFox.VsWhere (1.1)
      FSharp.Core (>= 4.2.3)
      Microsoft.Win32.Registry (>= 4.7)
    Fake.Core.CommandLineParsing (6.0)
      FParsec (>= 1.1.1)
      FSharp.Core (>= 6.0.3)
    Fake.Core.Context (6.0)
      FSharp.Core (>= 6.0.3)
    Fake.Core.Environment (6.0)
      FSharp.Core (>= 6.0.3)
    Fake.Core.FakeVar (6.0)
      Fake.Core.Context (>= 6.0)
      FSharp.Core (>= 6.0.3)
    Fake.Core.Process (6.0)
      Fake.Core.Environment (>= 6.0)
      Fake.Core.FakeVar (>= 6.0)
      Fake.Core.String (>= 6.0)
      Fake.Core.Trace (>= 6.0)
      Fake.IO.FileSystem (>= 6.0)
      FSharp.Core (>= 6.0.3)
      System.Collections.Immutable (>= 6.0)
    Fake.Core.SemVer (6.0)
      FSharp.Core (>= 6.0.3)
    Fake.Core.String (6.0)
      FSharp.Core (>= 6.0.3)
    Fake.Core.Target (6.0)
      Fake.Core.CommandLineParsing (>= 6.0)
      Fake.Core.Context (>= 6.0)
      Fake.Core.Environment (>= 6.0)
      Fake.Core.FakeVar (>= 6.0)
      Fake.Core.Process (>= 6.0)
      Fake.Core.String (>= 6.0)
      Fake.Core.Trace (>= 6.0)
      FSharp.Control.Reactive (>= 5.0.2)
      FSharp.Core (>= 6.0.3)
    Fake.Core.Tasks (6.0)
      Fake.Core.Trace (>= 6.0)
      FSharp.Core (>= 6.0.3)
    Fake.Core.Trace (6.0)
      Fake.Core.Environment (>= 6.0)
      Fake.Core.FakeVar (>= 6.0)
      FSharp.Core (>= 6.0.3)
    Fake.Core.Xml (6.0)
      Fake.Core.String (>= 6.0)
      FSharp.Core (>= 6.0.3)
    Fake.DotNet.Cli (6.0)
      Fake.Core.Environment (>= 6.0)
      Fake.Core.Process (>= 6.0)
      Fake.Core.String (>= 6.0)
      Fake.Core.Trace (>= 6.0)
      Fake.DotNet.MSBuild (>= 6.0)
      Fake.DotNet.NuGet (>= 6.0)
      Fake.IO.FileSystem (>= 6.0)
      FSharp.Core (>= 6.0.3)
      Mono.Posix.NETStandard (>= 1.0)
      Newtonsoft.Json (>= 13.0.1)
    Fake.DotNet.MSBuild (6.0)
      BlackFox.VsWhere (>= 1.1)
      Fake.Core.Environment (>= 6.0)
      Fake.Core.Process (>= 6.0)
      Fake.Core.String (>= 6.0)
      Fake.Core.Trace (>= 6.0)
      Fake.IO.FileSystem (>= 6.0)
      FSharp.Core (>= 6.0.3)
      MSBuild.StructuredLogger (>= 2.1.545)
    Fake.DotNet.NuGet (6.0)
      Fake.Core.Environment (>= 6.0)
      Fake.Core.Process (>= 6.0)
      Fake.Core.SemVer (>= 6.0)
      Fake.Core.String (>= 6.0)
      Fake.Core.Tasks (>= 6.0)
      Fake.Core.Trace (>= 6.0)
      Fake.Core.Xml (>= 6.0)
      Fake.IO.FileSystem (>= 6.0)
      Fake.Net.Http (>= 6.0)
      FSharp.Core (>= 6.0.3)
      Newtonsoft.Json (>= 13.0.1)
      NuGet.Protocol (>= 6.0)
    Fake.IO.FileSystem (6.0)
      Fake.Core.String (>= 6.0)
      Fake.Core.Trace (>= 6.0)
      FSharp.Core (>= 6.0.3)
    Fake.Net.Http (6.0)
      Fake.Core.Trace (>= 6.0)
      FSharp.Core (>= 6.0.3)
    FParsec (1.1.1)
      FSharp.Core (>= 4.3.4)
    FSharp.Control.Reactive (5.0.5)
      FSharp.Core (>= 4.7.2)
      System.Reactive (>= 5.0 < 6.0)
    FSharp.Core (8.0.101)
    Microsoft.Build.Framework (17.8.3)
    Microsoft.Build.Utilities.Core (17.8.3)
      Microsoft.Build.Framework (>= 17.8.3)
      Microsoft.NET.StringTools (>= 17.8.3)
      Microsoft.VisualStudio.Setup.Configuration.Interop (>= 3.2.2146)
      System.Collections.Immutable (>= 7.0)
      System.Configuration.ConfigurationManager (>= 7.0)
    Microsoft.NET.StringTools (17.9.5)
    Microsoft.VisualStudio.Setup.Configuration.Interop (3.8.2112)
    Microsoft.Win32.Registry (5.0)
      System.Security.AccessControl (>= 5.0)
      System.Security.Principal.Windows (>= 5.0)
    Mono.Posix.NETStandard (1.0)
    MSBuild.StructuredLogger (2.2.169)
      Microsoft.Build.Framework (>= 17.5)
      Microsoft.Build.Utilities.Core (>= 17.5)
    Newtonsoft.Json (13.0.3)
    NuGet.Common (6.8)
      NuGet.Frameworks (>= 6.8)
    NuGet.Configuration (6.8)
      NuGet.Common (>= 6.8)
      System.Security.Cryptography.ProtectedData (>= 4.4)
    NuGet.Frameworks (6.8)
    NuGet.Packaging (6.8)
      Newtonsoft.Json (>= 13.0.3)
      NuGet.Configuration (>= 6.8)
      NuGet.Versioning (>= 6.8)
      System.Security.Cryptography.Pkcs (>= 6.0.4)
    NuGet.Protocol (6.8)
      NuGet.Packaging (>= 6.8)
    NuGet.Versioning (6.8)
    System.Collections.Immutable (8.0)
    System.Configuration.ConfigurationManager (8.0)
      System.Diagnostics.EventLog (>= 8.0)
      System.Security.Cryptography.ProtectedData (>= 8.0)
    System.Diagnostics.EventLog (8.0)
    System.Formats.Asn1 (8.0)
    System.Reactive (5.0)
    System.Security.AccessControl (6.0)
    System.Security.Cryptography.Pkcs (8.0)
      System.Formats.Asn1 (>= 8.0)
    System.Security.Cryptography.ProtectedData (8.0)
    System.Security.Principal.Windows (5.0)

GROUP test
STORAGE: NONE
RESTRICTION: == net8.0
NUGET
  remote: https://api.nuget.org/v3/index.json
    BenchmarkDotNet (0.13.12)
      BenchmarkDotNet.Annotations (>= 0.13.12)
      CommandLineParser (>= 2.9.1)
      Gee.External.Capstone (>= 2.3)
      Iced (>= 1.17)
      Microsoft.CodeAnalysis.CSharp (>= 4.1)
      Microsoft.Diagnostics.Runtime (>= 2.2.332302)
      Microsoft.Diagnostics.Tracing.TraceEvent (>= 3.0.2)
      Microsoft.DotNet.PlatformAbstractions (>= 3.1.6)
      Perfolizer (0.2.1)
      System.Management (>= 5.0)
    BenchmarkDotNet.Annotations (0.13.12)
    CommandLineParser (2.9.1)
    FsCheck (2.16.6)
      FSharp.Core (>= 4.2.3)
    FsCheck.Xunit (2.16.6)
      FsCheck (2.16.6)
      xunit.extensibility.execution (>= 2.2 < 3.0)
    FSharp.Core (8.0.101)
    Gee.External.Capstone (2.3)
    Iced (1.21)
    Microsoft.CodeAnalysis.Analyzers (3.3.4)
    Microsoft.CodeAnalysis.Common (4.8)
      Microsoft.CodeAnalysis.Analyzers (>= 3.3.4)
      System.Collections.Immutable (>= 7.0)
      System.Reflection.Metadata (>= 7.0)
      System.Runtime.CompilerServices.Unsafe (>= 6.0)
    Microsoft.CodeAnalysis.CSharp (4.8)
      Microsoft.CodeAnalysis.Common (4.8)
    Microsoft.CodeCoverage (17.9)
    Microsoft.Diagnostics.NETCore.Client (0.2.510501)
      Microsoft.Extensions.Logging (>= 6.0)
    Microsoft.Diagnostics.Runtime (3.1.506101)
      Microsoft.Diagnostics.NETCore.Client (>= 0.2.410101)
      System.Collections.Immutable (>= 6.0)
      System.Runtime.CompilerServices.Unsafe (>= 6.0)
    Microsoft.Diagnostics.Tracing.TraceEvent (3.1.8)
      Microsoft.Win32.Registry (>= 4.4)
      System.Runtime.CompilerServices.Unsafe (>= 5.0)
    Microsoft.DotNet.PlatformAbstractions (3.1.6)
    Microsoft.Extensions.DependencyInjection (8.0)
      Microsoft.Extensions.DependencyInjection.Abstractions (>= 8.0)
    Microsoft.Extensions.DependencyInjection.Abstractions (8.0)
    Microsoft.Extensions.Logging (8.0)
      Microsoft.Extensions.DependencyInjection (>= 8.0)
      Microsoft.Extensions.Logging.Abstractions (>= 8.0)
      Microsoft.Extensions.Options (>= 8.0)
    Microsoft.Extensions.Logging.Abstractions (8.0)
      Microsoft.Extensions.DependencyInjection.Abstractions (>= 8.0)
    Microsoft.Extensions.Options (8.0.1)
      Microsoft.Extensions.DependencyInjection.Abstractions (>= 8.0)
      Microsoft.Extensions.Primitives (>= 8.0)
    Microsoft.Extensions.Primitives (8.0)
    Microsoft.NET.Test.Sdk (17.9)
      Microsoft.CodeCoverage (>= 17.9)
      Microsoft.TestPlatform.TestHost (>= 17.9)
    Microsoft.TestPlatform.ObjectModel (17.9)
      System.Reflection.Metadata (>= 1.6)
    Microsoft.TestPlatform.TestHost (17.9)
      Microsoft.TestPlatform.ObjectModel (>= 17.9)
      Newtonsoft.Json (>= 13.0.1)
    Microsoft.Win32.Registry (5.0)
      System.Security.AccessControl (>= 5.0)
      System.Security.Principal.Windows (>= 5.0)
    Newtonsoft.Json (13.0.3)
    Perfolizer (0.2.1)
      System.Memory (>= 4.5.3)
    System.CodeDom (8.0)
    System.Collections.Immutable (8.0)
    System.Management (8.0)
      System.CodeDom (>= 8.0)
    System.Memory (4.5.5)
    System.Reflection.Metadata (8.0)
      System.Collections.Immutable (>= 8.0)
    System.Runtime.CompilerServices.Unsafe (6.0)
    System.Security.AccessControl (6.0)
    System.Security.Principal.Windows (5.0)
    System.Text.Encodings.Web (8.0)
    System.Text.Json (8.0.1)
      System.Text.Encodings.Web (>= 8.0)
    xunit (2.6.6)
      xunit.analyzers (>= 1.10)
      xunit.assert (>= 2.6.6)
      xunit.core (2.6.6)
    xunit.abstractions (2.0.3)
    xunit.analyzers (1.10)
    xunit.assert (2.6.6)
    xunit.core (2.6.6)
      xunit.extensibility.core (2.6.6)
      xunit.extensibility.execution (2.6.6)
    xunit.extensibility.core (2.6.6)
      xunit.abstractions (>= 2.0.3)
    xunit.extensibility.execution (2.6.6)
      xunit.extensibility.core (2.6.6)
    xunit.runner.visualstudio (2.5.6)

GROUP trimtest
STORAGE: NONE
RESTRICTION: == net8.0
NUGET
  remote: https://api.nuget.org/v3/index.json
    FsCheck (2.16.6)
      FSharp.Core (>= 4.2.3)
    FsCheck.Xunit (2.16.6)
      FsCheck (2.16.6)
      xunit.extensibility.execution (>= 2.2 < 3.0)
    FSharp.Core (8.0.101)
    Microsoft.CodeCoverage (17.9)
    Microsoft.NET.Test.Sdk (17.9)
      Microsoft.CodeCoverage (>= 17.9)
      Microsoft.TestPlatform.TestHost (>= 17.9)
    Microsoft.TestPlatform.ObjectModel (17.9)
      System.Reflection.Metadata (>= 1.6)
    Microsoft.TestPlatform.TestHost (17.9)
      Microsoft.TestPlatform.ObjectModel (>= 17.9)
      Newtonsoft.Json (>= 13.0.1)
    Newtonsoft.Json (13.0.3)
    System.Collections.Immutable (8.0)
    System.Reflection.Metadata (8.0)
      System.Collections.Immutable (>= 8.0)
    System.Text.Encodings.Web (8.0)
    System.Text.Json (8.0.1)
      System.Text.Encodings.Web (>= 8.0)
    xunit (2.6.6)
      xunit.analyzers (>= 1.10)
      xunit.assert (>= 2.6.6)
      xunit.core (2.6.6)
    xunit.abstractions (2.0.3)
    xunit.analyzers (1.10)
    xunit.assert (2.6.6)
    xunit.console (2.6.6)
      xunit.runner.reporters (2.6.6)
    xunit.core (2.6.6)
      xunit.extensibility.core (2.6.6)
      xunit.extensibility.execution (2.6.6)
    xunit.extensibility.core (2.6.6)
      xunit.abstractions (>= 2.0.3)
    xunit.extensibility.execution (2.6.6)
      xunit.extensibility.core (2.6.6)
    xunit.runner.reporters (2.6.6)
      xunit.runner.utility (2.6.6)
    xunit.runner.utility (2.6.6)
      xunit.abstractions (>= 2.0.3)
